GEM
  remote: http://rubygems.org/
  specs:
    activesupport (3.2.1)
      i18n (~> 0.6)
      multi_json (~> 1.0)
    builder (3.0.0)
    i18n (0.6.0)
    json (1.6.5)
    multi_json (1.0.4)
    mysql2 (0.3.11)
    pg (0.12.2)
    rabl (0.5.3)
      activesupport (>= 2.3.14)
      multi_json (~> 1.0.3)
    rack (1.4.1)
    rack-protection (1.2.0)
      rack
    sequel (3.32.0)
    sinatra (1.3.2)
      rack (~> 1.3, >= 1.3.6)
      rack-protection (~> 1.2)
      tilt (~> 1.3, >= 1.3.3)
    tilt (1.3.3)

PLATFORMS
  ruby

DEPENDENCIES
  builder
  json
  mysql2
  pg
  rabl
  sequel
  sinatra
